GEM
  remote: https://rubygems.org/
  specs:
    arduino_firmata (0.3.7)
      args_parser (>= 0.1.4)
      event_emitter (>= 0.2.4)
      serialport (>= 1.1.0)
    args_parser (0.2.0)
    byebug (10.0.2)
    diff-lcs (1.3)
    event_emitter (0.2.6)
    rspec (3.1.0)
      rspec-core (~> 3.1.0)
      rspec-expectations (~> 3.1.0)
      rspec-mocks (~> 3.1.0)
    rspec-core (3.1.7)
      rspec-support (~> 3.1.0)
    rspec-expectations (3.1.2)
      diff-lcs (>= 1.2.0, < 2.0)
      rspec-support (~> 3.1.0)
    rspec-mocks (3.1.3)
      rspec-support (~> 3.1.0)
    rspec-support (3.1.2)
    serialport (1.3.1)

PLATFORMS
  ruby

DEPENDENCIES
  arduino_firmata
  byebug
  rspec (~> 3.1.0)
  serialport

BUNDLED WITH
   1.16.1
